GEM
  remote: https://rubygems.org/
  specs:
    ruby_cowsay (0.1.3)

PLATFORMS
  ruby

DEPENDENCIES
  ruby_cowsay

BUNDLED WITH
   2.4.17
